PATH
  remote: .
  specs:
    pass-station (1.2.2)
      docopt (~> 0.6)
      paint (~> 2.2)

GEM
  remote: https://rubygems.org/
  specs:
    ast (2.4.2)
    commonmarker (0.23.2)
    docopt (0.6.1)
    github-markup (4.0.0)
    minitest (5.14.4)
    paint (2.2.1)
    parallel (1.21.0)
    parser (3.0.2.0)
      ast (~> 2.4.1)
    rainbow (3.0.0)
    rake (13.0.6)
    redcarpet (3.5.1)
    regexp_parser (2.1.1)
    rexml (3.2.5)
    rubocop (1.22.0)
      parallel (~> 1.10)
      parser (>= 3.0.0.0)
      rainbow (>= 2.2.2, < 4.0)
      regexp_parser (>= 1.8, < 3.0)
      rexml
      rubocop-ast (>= 1.12.0, < 2.0)
      ruby-progressbar (~> 1.7)
      unicode-display_width (>= 1.4.0, < 3.0)
    rubocop-ast (1.12.0)
      parser (>= 3.0.1.1)
    ruby-progressbar (1.11.0)
    unicode-display_width (2.1.0)
    yard (0.9.26)

PLATFORMS
  ruby
  x86_64-linux

DEPENDENCIES
  bundler (>= 2.1.0, < 2.3)
  commonmarker (~> 0.21)
  github-markup (~> 4.0)
  minitest (~> 5.12)
  pass-station!
  rake (~> 13.0)
  redcarpet (~> 3.5)
  rubocop (~> 1.10)
  yard (~> 0.9)

BUNDLED WITH
   2.2.22
