PATH
  remote: .
  specs:
    pass-station (1.4.0)
      docopt (~> 0.6)
      paint (~> 2.2)

GEM
  remote: https://rubygems.org/
  specs:
    ast (2.4.2)
    commonmarker (0.23.10)
    csv (3.3.0)
    docopt (0.6.1)
    json (2.7.1)
    language_server-protocol (3.17.0.3)
    minitest (5.22.3)
    paint (2.3.0)
    parallel (1.24.0)
    parser (3.3.0.5)
      ast (~> 2.4.1)
      racc
    racc (1.7.3)
    rainbow (3.1.1)
    rake (13.1.0)
    regexp_parser (2.9.0)
    rexml (3.2.6)
    rubocop (1.62.1)
      json (~> 2.3)
      language_server-protocol (>= 3.17.0)
      parallel (~> 1.10)
      parser (>= 3.3.0.2)
      rainbow (>= 2.2.2, < 4.0)
      regexp_parser (>= 1.8, < 3.0)
      rexml (>= 3.2.5, < 4.0)
      rubocop-ast (>= 1.31.1, < 2.0)
      ruby-progressbar (~> 1.7)
      unicode-display_width (>= 2.4.0, < 3.0)
    rubocop-ast (1.31.2)
      parser (>= 3.3.0.4)
    ruby-progressbar (1.13.0)
    unicode-display_width (2.5.0)
    yard (0.9.36)

PLATFORMS
  ruby
  x86_64-linux

DEPENDENCIES
  bundler (>= 2.1.0)
  commonmarker (~> 0.23)
  csv (~> 3.3)
  docopt (~> 0.6)
  minitest (~> 5.22)
  paint (~> 2.2)
  pass-station!
  rake (~> 13.1)
  rubocop (~> 1.50)
  yard (>= 0.9.27, < 0.10)

BUNDLED WITH
   2.5.6
